GEM
  remote: https://rubygems.org/
  specs:
    cuba (3.4.0)
      rack
    minitest (5.8.1)
    puma (2.14.0)
    rack (1.6.4)
    tilt (2.0.1)

PLATFORMS
  ruby

DEPENDENCIES
  cuba (~> 3.4.0)
  minitest (~> 5.8.1)
  puma (~> 2.14.0)
  tilt (~> 2.0.1)

BUNDLED WITH
   1.10.6
