GEM
  remote: https://rubygems.org/
  specs:
    addressable (2.3.8)
    capybara (2.5.0)
      mime-types (>= 1.16)
      nokogiri (>= 1.3.3)
      rack (>= 1.0.0)
      rack-test (>= 0.5.4)
      xpath (~> 2.0)
    crack (0.4.2)
      safe_yaml (~> 1.0.0)
    cuba (3.4.0)
      rack
    cuba-contrib (3.1.0)
      cuba (~> 3.1)
    dotenv (2.0.2)
    mime-types (2.6.2)
    mini_portile (0.6.2)
    minitest (5.8.1)
    mote (1.1.4)
    nokogiri (1.6.6.2)
      mini_portile (~> 0.6.0)
    puma (2.14.0)
    rack (1.6.4)
    rack-test (0.6.3)
      rack (>= 1.0)
    rake (10.4.2)
    safe_yaml (1.0.4)
    tilt (2.0.1)
    timecop (0.8.0)
    webmock (1.21.0)
      addressable (>= 2.3.6)
      crack (>= 0.3.2)
    xpath (2.0.0)
      nokogiri (~> 1.3)

PLATFORMS
  ruby

DEPENDENCIES
  capybara (~> 2.5.0)
  cuba (~> 3.4.0)
  cuba-contrib (~> 3.1.0)
  dotenv (~> 2.0.2)
  minitest (~> 5.8.1)
  mote (~> 1.1.4)
  puma (~> 2.14.0)
  rake (~> 10.4.2)
  tilt (~> 2.0.1)
  timecop (~> 0.8.0)
  webmock (~> 1.21.0)

BUNDLED WITH
   1.10.6
